GIT
  remote: https://github.com/revdan/vzaar.git
  revision: b371619d9b23cf7d3a9f1c2f7b6c96ad369cd0ee
  specs:
    vzaar (0.2.6)
      httpclient
      nokogiri
      oauth (= 0.3.6)

GEM
  remote: https://rubygems.org/
  specs:
    activemodel (3.2.9)
      activesupport (= 3.2.9)
      builder (~> 3.0.0)
    activesupport (3.2.9)
      i18n (~> 0.6)
      multi_json (~> 1.0)
    bson (1.8.0)
      activesupport
    bson_ext (1.8.0)
      bson (~> 1.8.0)
    builder (3.0.4)
    httpclient (2.3.0.1)
    i18n (0.6.1)
    json (1.7.5)
    mime-types (1.19)
    mongo (1.8.0)
      bson (~> 1.8.0)
    mongoid (2.5.1)
      activemodel (~> 3.1)
      mongo (~> 1.7)
      tzinfo (~> 0.3.22)
    multi_json (1.5.0)
    newrelic_rpm (3.5.3.25)
    nokogiri (1.5.5)
    oauth (0.3.6)
      ruby-hmac (>= 0.3.1)
    rack (1.4.1)
    rack-protection (1.3.2)
      rack
    rest-client (1.6.7)
      mime-types (>= 1.16)
    ruby-hmac (0.4.0)
    rushover (0.1.1)
      json
      rest-client
    sinatra (1.3.3)
      rack (~> 1.3, >= 1.3.6)
      rack-protection (~> 1.2)
      tilt (~> 1.3, >= 1.3.3)
    slim (1.3.4)
      temple (~> 0.5.5)
      tilt (~> 1.3.3)
    temple (0.5.5)
    tilt (1.3.3)
    tzinfo (0.3.35)

PLATFORMS
  ruby

DEPENDENCIES
  activesupport
  bson_ext
  httpclient
  mongoid (~> 2.0)
  newrelic_rpm
  nokogiri
  oauth
  rushover
  sinatra
  slim
  vzaar!
