GIT
  remote: https://github.com/revdan/vzaar.git
  revision: b371619d9b23cf7d3a9f1c2f7b6c96ad369cd0ee
  specs:
    vzaar (0.2.6)
      httpclient
      nokogiri
      oauth (= 0.3.6)

GEM
  remote: https://rubygems.org/
  specs:
    httpclient (2.3.0.1)
    nokogiri (1.5.5)
    oauth (0.3.6)
      ruby-hmac (>= 0.3.1)
    rack (1.4.1)
    rack-protection (1.3.2)
      rack
    ruby-hmac (0.4.0)
    sinatra (1.3.3)
      rack (~> 1.3, >= 1.3.6)
      rack-protection (~> 1.2)
      tilt (~> 1.3, >= 1.3.3)
    slim (1.3.4)
      temple (~> 0.5.5)
      tilt (~> 1.3.3)
    temple (0.5.5)
    tilt (1.3.3)

PLATFORMS
  ruby

DEPENDENCIES
  httpclient
  oauth
  sinatra
  slim
  vzaar!
