GEM
  remote: https://rubygems.org/
  specs:
    httpclient (2.3.0.1)
    oauth (0.3.6)
      ruby-hmac (>= 0.3.1)
    rack (1.4.1)
    rack-protection (1.3.2)
      rack
    ruby-hmac (0.4.0)
    sinatra (1.3.3)
      rack (~> 1.3, >= 1.3.6)
      rack-protection (~> 1.2)
      tilt (~> 1.3, >= 1.3.3)
    slim (1.3.4)
      temple (~> 0.5.5)
      tilt (~> 1.3.3)
    temple (0.5.5)
    tilt (1.3.3)
    vzaar (0.2.3)
      httpclient (>= 2.1.5)
      oauth (= 0.3.6)

PLATFORMS
  ruby

DEPENDENCIES
  httpclient
  oauth
  sinatra
  slim
  vzaar
